PATH
  remote: /root/wakame-vdc/client/ruby-hijiki
  specs:
    ruby-hijiki (0.0.3)
      activeresource (~> 3.0.0)
      json

GEM
  remote: http://rubygems.org/
  specs:
    abstract (1.0.0)
    actionmailer (3.0.13)
      actionpack (= 3.0.13)
      mail (~> 2.2.19)
    actionpack (3.0.13)
      activemodel (= 3.0.13)
      activesupport (= 3.0.13)
      builder (~> 2.1.2)
      erubis (~> 2.6.6)
      i18n (~> 0.5.0)
      rack (~> 1.2.5)
      rack-mount (~> 0.6.14)
      rack-test (~> 0.5.7)
      tzinfo (~> 0.3.23)
    activemodel (3.0.13)
      activesupport (= 3.0.13)
      builder (~> 2.1.2)
      i18n (~> 0.5.0)
    activerecord (3.0.13)
      activemodel (= 3.0.13)
      activesupport (= 3.0.13)
      arel (~> 2.0.10)
      tzinfo (~> 0.3.23)
    activeresource (3.0.13)
      activemodel (= 3.0.13)
      activesupport (= 3.0.13)
    activesupport (3.0.13)
    arel (2.0.10)
    bond (0.4.2)
    builder (2.1.2)
    erubis (2.6.6)
      abstract (>= 1.0.0)
    i18n (0.5.0)
    json (1.7.3)
    kgio (2.7.4)
    mail (2.2.19)
      activesupport (>= 2.3.6)
      i18n (>= 0.4.0)
      mime-types (~> 1.16)
      treetop (~> 1.4.8)
    mime-types (1.18)
    mysql2 (0.3.11)
    nokogiri (1.4.4)
    oauth (0.4.1)
    polyglot (0.3.3)
    rack (1.2.5)
    rack-mount (0.6.14)
      rack (>= 1.0.0)
    rack-test (0.5.7)
      rack (>= 1.0)
    rails (3.0.13)
      actionmailer (= 3.0.13)
      actionpack (= 3.0.13)
      activerecord (= 3.0.13)
      activeresource (= 3.0.13)
      activesupport (= 3.0.13)
      bundler (~> 1.0)
      railties (= 3.0.13)
    railties (3.0.13)
      actionpack (= 3.0.13)
      activesupport (= 3.0.13)
      rake (>= 0.8.7)
      rdoc (~> 3.4)
      thor (~> 0.14.4)
    raindrops (0.9.0)
    rake (0.9.2.2)
    rdoc (3.12)
      json (~> 1.4)
    ripl (0.7.0)
      bond (~> 0.4.2)
    sequel (3.36.1)
    thor (0.14.6)
    treetop (1.4.10)
      polyglot
      polyglot (>= 0.3.1)
    tzinfo (0.3.33)
    unicorn (4.3.0)
      kgio (~> 2.6)
      rack
      raindrops (~> 0.7)

PLATFORMS
  ruby

DEPENDENCIES
  json
  mysql2 (= 0.3.11)
  nokogiri (= 1.4.4)
  oauth (= 0.4.1)
  rails (= 3.0.13)
  rake (= 0.9.2.2)
  ripl
  ruby-hijiki!
  sequel (= 3.36.1)
  thor
  unicorn (= 4.3.0)
